GEM
  remote: https://rubygems.org/
  specs:
    minitest (5.0.4)
    rake (10.1.0)

PLATFORMS
  x86-mingw32

DEPENDENCIES
  minitest
  rake
